GEM
  remote: https://rubygems.org/
  specs:
    concurrent-ruby (1.1.5)
    mail (2.7.1)
      mini_mime (>= 0.1.1)
    mini_mime (1.0.2)
    mustermann (1.0.3)
    pony (1.13.1)
      mail (>= 2.0)
    rack (2.2.3)
    rack-protection (2.0.7)
      rack
    ruby (0.1.0)
    sinatra (2.0.7)
      mustermann (~> 1.0)
      rack (~> 2.0)
      rack-protection (= 2.0.7)
      tilt (~> 2.0)
    sprockets (4.0.0)
      concurrent-ruby (~> 1.0)
      rack (> 1, < 3)
    tilt (2.0.10)

PLATFORMS
  ruby

DEPENDENCIES
  pony
  ruby
  sinatra
  sprockets

BUNDLED WITH
   2.0.2
